PATH
  remote: .
  specs:
    shoulda-whenever (0.0.3)

GEM
  remote: https://rubygems.org/
  specs:
    activesupport (7.1.5.1)
      base64
      benchmark (>= 0.3)
      bigdecimal
      concurrent-ruby (~> 1.0, >= 1.0.2)
      connection_pool (>= 2.2.5)
      drb
      i18n (>= 1.6, < 2)
      logger (>= 1.4.2)
      minitest (>= 5.1)
      mutex_m
      securerandom (>= 0.3)
      tzinfo (~> 2.0)
    base64 (0.2.0)
    benchmark (0.4.0)
    bigdecimal (3.1.9)
    chronic (0.10.2)
    concurrent-ruby (1.3.5)
    connection_pool (2.5.0)
    diff-lcs (1.3)
    drb (2.2.1)
    i18n (1.14.7)
      concurrent-ruby (~> 1.0)
    logger (1.6.6)
    minitest (5.25.5)
    mutex_m (0.3.0)
    rspec (3.7.0)
      rspec-core (~> 3.7.0)
      rspec-expectations (~> 3.7.0)
      rspec-mocks (~> 3.7.0)
    rspec-core (3.7.1)
      rspec-support (~> 3.7.0)
    rspec-expectations (3.7.0)
      diff-lcs (>= 1.2.0, < 2.0)
      rspec-support (~> 3.7.0)
    rspec-mocks (3.7.0)
      diff-lcs (>= 1.2.0, < 2.0)
      rspec-support (~> 3.7.0)
    rspec-support (3.7.1)
    securerandom (0.3.2)
    tzinfo (2.0.6)
      concurrent-ruby (~> 1.0)
    whenever (0.11.0)
      chronic (>= 0.6.3)

PLATFORMS
  ruby

DEPENDENCIES
  activesupport (>= 7.0)
  rspec (~> 3.7)
  shoulda-whenever!
  whenever (~> 0.10)

BUNDLED WITH
   1.17.3
